GEM
  remote: https://rubygems.org/
  specs:
    colorator (0.1)
    ffi (1.15.3)
    jekyll (3.0.5)
      colorator (~> 0.1)
      jekyll-sass-converter (~> 1.0)
      jekyll-watch (~> 1.1)
      kramdown (~> 1.3)
      liquid (~> 3.0)
      mercenary (~> 0.3.3)
      rouge (~> 1.7)
      safe_yaml (~> 1.0)
    jekyll-multiple-languages (2.0.3)
    jekyll-paginate (1.1.0)
    jekyll-sass-converter (1.5.2)
      sass (~> 3.4)
    jekyll-watch (1.5.1)
      listen (~> 3.0)
    kramdown (1.10.0)
    libv8 (3.16.14.19-x86_64-linux)
    liquid (3.0.6)
    listen (3.5.1)
      rb-fsevent (~> 0.10, >= 0.10.3)
      rb-inotify (~> 0.9, >= 0.9.10)
    mercenary (0.3.6)
    posix-spawn (0.3.15)
    pygments.rb (0.6.3)
      posix-spawn (~> 0.3.6)
      yajl-ruby (~> 1.2.0)
    rb-fsevent (0.11.0)
    rb-inotify (0.10.1)
      ffi (~> 1.0)
    ref (2.0.0)
    rouge (1.11.1)
    safe_yaml (1.0.5)
    sass (3.7.4)
      sass-listen (~> 4.0.0)
    sass-listen (4.0.0)
      rb-fsevent (~> 0.9, >= 0.9.4)
      rb-inotify (~> 0.9, >= 0.9.7)
    therubyracer (0.12.2)
      libv8 (~> 3.16.14.0)
      ref
    yajl-ruby (1.2.2)

PLATFORMS
  x86_64-linux

DEPENDENCIES
  jekyll (= 3.0.5)
  jekyll-multiple-languages (= 2.0.3)
  jekyll-paginate (= 1.1.0)
  kramdown (= 1.10.0)
  pygments.rb (= 0.6.3)
  therubyracer (= 0.12.2)
  yajl-ruby (= 1.2.2)

RUBY VERSION
   ruby 2.6.8p205

BUNDLED WITH
   2.2.23
